GEM
  remote: https://rubygems.org/
  specs:
    mini_portile2 (2.5.1)
    nokogiri (1.11.4)
      mini_portile2 (~> 2.5.0)
      racc (~> 1.4)
    nokogiri (1.11.4-x64-mingw32)
      racc (~> 1.4)
    nuget (3.4.4)
    nuget_helper (1.0.1)
      nokogiri (~> 1.5)
      nuget (~> 3.4.4)
      semver2 (~> 3.4)
    paket_bootstrapper (5.141.0.0)
    racc (1.5.2)
    rake (13.0.1)
    semver2 (3.4.2)

PLATFORMS
  ruby
  x64-mingw32

DEPENDENCIES
  nokogiri
  nuget_helper
  paket_bootstrapper
  rake

BUNDLED WITH
   1.17.3
