GEM
  remote: https://rubygems.org/
  specs:
    mini_portile2 (2.4.0)
    nokogiri (1.10.8)
      mini_portile2 (~> 2.4.0)
    nokogiri (1.10.8-x64-mingw32)
      mini_portile2 (~> 2.4.0)
    nuget (2.8.50126.400)
    nuget_helper (1.0.0)
      nokogiri (~> 1.5)
      nuget (~> 2.8.50126.400)
      semver2 (~> 3.4)
    paket_bootstrapper (5.141.0.0)
    rake (13.0.0)
    semver2 (3.4.2)

PLATFORMS
  ruby
  x64-mingw32

DEPENDENCIES
  nokogiri
  nuget_helper
  paket_bootstrapper
  rake

BUNDLED WITH
   1.17.3
