GEM
  remote: https://rubygems.org/
  specs:
    albacore (3.0.1)
      map (~> 6.5)
      nokogiri (~> 1.5)
      rake (~> 10)
      semver2 (~> 3.4)
    map (6.6.0)
    mini_portile2 (2.3.0)
    nokogiri (1.8.5)
      mini_portile2 (~> 2.3.0)
    nokogiri (1.8.5-x64-mingw32)
      mini_portile2 (~> 2.3.0)
    nuget (2.8.50126.400)
    nuget_helper (1.0.0)
      nokogiri (~> 1.5)
      nuget (~> 2.8.50126.400)
      semver2 (~> 3.4)
    paket_bootstrapper (5.141.0.0)
    rake (10.5.0)
    semver2 (3.4.2)

PLATFORMS
  ruby
  x64-mingw32

DEPENDENCIES
  albacore
  nuget_helper
  paket_bootstrapper

BUNDLED WITH
   1.16.1
