NUGET
  remote: https://www.nuget.org/api/v2
  specs:
    EntityFramework (6.1.2) - framework: >= net40
    FluentMigrator (1.4) - framework: >= net45
    FluentNHibernate (2.0.3)
      NHibernate (>= 4.0)
    Iesi.Collections (4.0.0.4000)
    Microsoft.AspNet.Mvc (5.2.3) - framework: >= net45
      Microsoft.AspNet.Razor (>= 3.2.3 < 3.3)
      Microsoft.AspNet.WebPages (>= 3.2.3 < 3.3)
    Microsoft.AspNet.Razor (3.2.3) - framework: >= net45
    Microsoft.AspNet.WebPages (3.2.3) - framework: >= net45
      Microsoft.AspNet.Razor (>= 3.2.3 < 3.3)
      Microsoft.Web.Infrastructure (>= 1.0)
    Microsoft.Web.Infrastructure (1.0) - framework: >= net45
    NHibernate (4.0.4.4000)
      Iesi.Collections (>= 4.0 < 5.0)
    NuGet.CommandLine (3.4.3)
    NUnit (2.6.4) - framework: >= net45
    System.Data.SQLite (1.0.94.1)
      System.Data.SQLite.Core (>= 1.0.94) - framework: net20, >= net40
      System.Data.SQLite.EF6 (>= 1.0.94) - framework: >= net40
      System.Data.SQLite.Linq (>= 1.0.94.1) - framework: net20, >= net40
    System.Data.SQLite.Core (1.0.94) - framework: net20, >= net40
    System.Data.SQLite.EF6 (1.0.94) - framework: >= net40
      EntityFramework (>= 6.1.1) - framework: >= net40
      System.Data.SQLite.Core (>= 1.0.94) - framework: >= net40
    System.Data.SQLite.Linq (1.0.94.1) - framework: net20, >= net40
      System.Data.SQLite.Core (>= 1.0.94) - framework: net20, >= net40
